FRAMEWORK: NET40, NET45, NET46
NUGET
  remote: https://www.nuget.org/api/v2
    AjaxMin (5.14.5506.26202)
    FAKE (4.61.3)
    FSharp.Compiler.Service (12.0.8)
      System.Collections.Immutable (>= 1.3.1)
      System.Reflection.Metadata (>= 1.4.2)
    Microsoft.CodeAnalysis.Analyzers (1.1) - framework: net46
    Microsoft.CodeAnalysis.Common (2.0)
      Microsoft.CodeAnalysis.Analyzers (>= 1.1) - framework: net46
      System.AppContext (>= 4.3) - framework: net46
      System.Collections (>= 4.3) - framework: net46
      System.Collections.Concurrent (>= 4.3) - framework: net46
      System.Collections.Immutable (>= 1.3.1) - framework: net46
      System.Console (>= 4.3) - framework: net46
      System.Diagnostics.Debug (>= 4.3) - framework: net46
      System.Diagnostics.FileVersionInfo (>= 4.3) - framework: net46
      System.Diagnostics.StackTrace (>= 4.3) - framework: net46
      System.Diagnostics.Tools (>= 4.3) - framework: net46
      System.Dynamic.Runtime (>= 4.3) - framework: net46
      System.Globalization (>= 4.3) - framework: net46
      System.IO.Compression (>= 4.3) - framework: net46
      System.IO.FileSystem (>= 4.3) - framework: net46
      System.IO.FileSystem.Primitives (>= 4.3) - framework: net46
      System.Linq (>= 4.3) - framework: net46
      System.Linq.Expressions (>= 4.3) - framework: net46
      System.Reflection (>= 4.3) - framework: net46
      System.Reflection.Metadata (>= 1.4.2) - framework: net46
      System.Resources.ResourceManager (>= 4.3) - framework: net46
      System.Runtime (>= 4.3) - framework: net46
      System.Runtime.Extensions (>= 4.3) - framework: net46
      System.Runtime.InteropServices (>= 4.3) - framework: net46
      System.Runtime.Numerics (>= 4.3) - framework: net46
      System.Security.Cryptography.Algorithms (>= 4.3) - framework: net46
      System.Security.Cryptography.Encoding (>= 4.3) - framework: net46
      System.Security.Cryptography.X509Certificates (>= 4.3) - framework: net46
      System.Text.Encoding (>= 4.3) - framework: net46
      System.Text.Encoding.CodePages (>= 4.3) - framework: net46
      System.Text.Encoding.Extensions (>= 4.3) - framework: net46
      System.Threading (>= 4.3) - framework: net46
      System.Threading.Tasks (>= 4.3) - framework: net46
      System.Threading.Tasks.Parallel (>= 4.3) - framework: net46
      System.Threading.Thread (>= 4.3) - framework: net46
      System.ValueTuple (>= 4.3) - framework: net46
      System.Xml.ReaderWriter (>= 4.3) - framework: net46
      System.Xml.XDocument (>= 4.3) - framework: net46
      System.Xml.XmlDocument (>= 4.3) - framework: net46
      System.Xml.XPath.XDocument (>= 4.3) - framework: net46
    Microsoft.CodeAnalysis.CSharp (2.0)
      Microsoft.CodeAnalysis.Common (2.0)
    Mono.Cecil (0.10.0-beta6)
    System.AppContext (4.3) - framework: net46
    System.Collections (4.3) - framework: net46
    System.Collections.Concurrent (4.3) - framework: net46
    System.Collections.Immutable (1.3.1)
    System.Console (4.3) - framework: net46
    System.Diagnostics.Debug (4.3) - framework: net46
    System.Diagnostics.FileVersionInfo (4.3) - framework: net46
    System.Diagnostics.StackTrace (4.3) - framework: net46
    System.Diagnostics.Tools (4.3) - framework: net46
    System.Dynamic.Runtime (4.3) - framework: net46
    System.Globalization (4.3) - framework: net46
    System.IO.Compression (4.3) - framework: net46
    System.IO.FileSystem (4.3) - framework: net46
      System.IO.FileSystem.Primitives (>= 4.3) - framework: net46
    System.IO.FileSystem.Primitives (4.3)
    System.Linq (4.3) - framework: net46
    System.Linq.Expressions (4.3) - framework: net46
    System.Reflection (4.3) - framework: net46
    System.Reflection.Metadata (1.4.2)
      System.Collections.Immutable (>= 1.3.1) - framework: net45, net46
    System.Resources.ResourceManager (4.3) - framework: net46
    System.Runtime (4.3) - framework: net46
    System.Runtime.Extensions (4.3) - framework: net46
    System.Runtime.InteropServices (4.3) - framework: net46
    System.Runtime.Numerics (4.3) - framework: net46
    System.Security.Cryptography.Algorithms (4.3) - framework: net46
      System.Security.Cryptography.Primitives (>= 4.3) - framework: net46
    System.Security.Cryptography.Encoding (4.3) - framework: net46
    System.Security.Cryptography.Primitives (4.3) - framework: net46
    System.Security.Cryptography.X509Certificates (4.3) - framework: net46
      System.Security.Cryptography.Algorithms (>= 4.3) - framework: net46
      System.Security.Cryptography.Encoding (>= 4.3) - framework: net46
    System.Text.Encoding (4.3) - framework: net46
    System.Text.Encoding.CodePages (4.3) - framework: net46
    System.Text.Encoding.Extensions (4.3) - framework: net46
    System.Threading (4.3) - framework: net46
    System.Threading.Tasks (4.3) - framework: net46
    System.Threading.Tasks.Parallel (4.3) - framework: net46
    System.Threading.Thread (4.3) - framework: net46
    System.ValueTuple (4.3.1) - framework: net46
    System.Xml.ReaderWriter (4.3) - framework: net46
    System.Xml.XDocument (4.3) - framework: net46
    System.Xml.XmlDocument (4.3) - framework: net46
    System.Xml.XPath (4.3) - framework: net46
    System.Xml.XPath.XDocument (4.3) - framework: net46
      System.Xml.XPath (>= 4.3) - framework: net46

GROUP fsharp3
FRAMEWORK: NET40, NET45, NET46
NUGET
  remote: https://www.nuget.org/api/v2
    FSharp.Core (3.0.2)

GROUP fsharp4
FRAMEWORK: NET40, NET45, NET46
NUGET
  remote: https://www.nuget.org/api/v2
    FSharp.Core (4.1.17)
      System.ValueTuple (>= 4.3)
    System.ValueTuple (4.3.1)
