FRAMEWORK: NET40, NET45
NUGET
  remote: https://www.nuget.org/api/v2
    AjaxMin (5.14.5506.26202)
    FAKE (4.45.1)
    FSharp.Compiler.Service (8.0)
      System.Collections.Immutable (>= 1.2)
      System.Reflection.Metadata (>= 1.4.1-beta-24227-04)
    FSharp.Core (4.0.0.1)
    Microsoft.CodeAnalysis.Analyzers (1.1) - framework: net45
    Microsoft.CodeAnalysis.Common (1.3.2)
      Microsoft.CodeAnalysis.Analyzers (>= 1.1) - framework: net45
      System.Collections.Immutable (>= 1.1.37) - framework: net45
      System.Reflection.Metadata (>= 1.2) - framework: net45
    Microsoft.CodeAnalysis.CSharp (1.3.2)
      Microsoft.CodeAnalysis.Common (1.3.2)
    Mono.Cecil (0.9.6.1)
    System.Collections.Immutable (1.3.0-preview1-24530-04)
    System.Reflection.Metadata (1.4.1-preview1-24530-04)
      System.Collections.Immutable (>= 1.3.0-preview1-24530-04) - framework: net45
